PATH
  remote: .
  specs:
    seatgeek (0.1.3)
      faraday
      multi_json
      rake
      yajl-ruby

GEM
  remote: https://rubygems.org/
  specs:
    awesome_print (1.6.1)
    columnize (0.9.0)
    debugger (1.6.8)
      columnize (>= 0.3.1)
      debugger-linecache (~> 1.2.0)
      debugger-ruby_core_source (~> 1.3.5)
    debugger-linecache (1.2.0)
    debugger-ruby_core_source (1.3.8)
    diff-lcs (1.1.3)
    faraday (0.8.11)
      multipart-post (~> 1.2.0)
    multi_json (1.3.7)
    multipart-post (1.2.0)
    rake (0.9.6)
    rspec (2.10.0)
      rspec-core (~> 2.10.0)
      rspec-expectations (~> 2.10.0)
      rspec-mocks (~> 2.10.0)
    rspec-core (2.10.1)
    rspec-expectations (2.10.0)
      diff-lcs (~> 1.1.3)
    rspec-mocks (2.10.1)
    yajl-ruby (1.1.0)

PLATFORMS
  ruby

DEPENDENCIES
  awesome_print (~> 1.6.1)
  debugger (~> 1.6.8)
  faraday (~> 0.8.11)
  multi_json (~> 1.3.5)
  rake (~> 0.9.2)
  rspec (~> 2.10.0)
  seatgeek!
  yajl-ruby (~> 1.1.0)

BUNDLED WITH
   1.11.2
