PATH
  remote: .
  specs:
    seatgeek (0.1.2)
      faraday
      multi_json
      rake
      yajl-ruby

GEM
  remote: https://rubygems.org/
  specs:
    diff-lcs (1.1.3)
    faraday (0.8.0)
      multipart-post (~> 1.1)
    multi_json (1.3.5)
    multipart-post (1.1.5)
    rake (0.9.2.2)
    rspec (2.10.0)
      rspec-core (~> 2.10.0)
      rspec-expectations (~> 2.10.0)
      rspec-mocks (~> 2.10.0)
    rspec-core (2.10.0)
    rspec-expectations (2.10.0)
      diff-lcs (~> 1.1.3)
    rspec-mocks (2.10.1)
    yajl-ruby (1.1.0)

PLATFORMS
  ruby

DEPENDENCIES
  faraday
  multi_json
  rake
  rspec
  seatgeek!
  yajl-ruby
